GEM
  remote: https://rubygems.org/
  specs:
    awesome_print (1.6.1)
    byebug (4.0.5)
      columnize (= 0.9.0)
    columnize (0.9.0)
    json (1.8.2)
    redis (3.2.1)

PLATFORMS
  ruby

DEPENDENCIES
  awesome_print
  byebug
  json
  redis
